{
	"Modality": "MR",
	"MagneticFieldStrength": 1.5,
	"ImagingFrequency": 63.6693,
	"Manufacturer": "Siemens",
	"ManufacturersModelName": "Aera",
	"InstitutionName": "Radiologie_CHUV",
	"InstitutionalDepartmentName": "Radiodiagnostic",
	"InstitutionAddress": "Rue_du_Bugnon_21_Lausanne_District_CH_1011",
	"DeviceSerialNumber": "41200",
	"StationName": "AWP41200",
	"BodyPartExamined": "ABDOMENPELVIS",
	"PatientPosition": "HFS",
	"ProcedureStepDescription": "IRM_FOETALE",
	"SoftwareVersions": "syngo_MR_E11",
	"MRAcquisitionType": "2D",
	"SeriesDescription": "T2_haste_3mm",
	"ProtocolName": "T2_haste_3mm",
	"ScanningSequence": "SE",
	"SequenceVariant": "SK_SP_OSP",
	"ScanOptions": "PFP",
	"SequenceName": "_h2d1_224",
	"ImageType": ["ORIGINAL", "PRIMARY", "M", "NORM", "DIS2D"],
	"SeriesNumber": 3,
	"AcquisitionTime": "17:01:58.207500",
	"AcquisitionNumber": 1,
	"SliceThickness": 3,
	"SpacingBetweenSlices": 3.3,
	"SAR": 2,
	"EchoTime": 0.09,
	"RepetitionTime": 1.2,
	"FlipAngle": 167,
	"PartialFourier": 0.5,
	"BaseResolution": 320,
	"ShimSetting": [
		-888,
		5,
		4578,
		-1465,
		-48,
		13,
		19,
		132	],
	"TxRefAmp": 362.247,
	"PhaseResolution": 0.7,
	"PhaseOversampling": 0.8,
	"ReceiveCoilName": "Spine_32",
	"ReceiveCoilActiveElements": "BO1-3;SP3-5",
	"PulseSequenceDetails": "%SiemensSeq%_haste",
	"ConsistencyInfo": "N4_VE11A_LATEST_20140830",
	"PercentPhaseFOV": 100,
	"EchoTrainLength": 134,
	"PhaseEncodingSteps": 225,
	"AcquisitionMatrixPE": 224,
	"ReconMatrixPE": 320,
	"ParallelReductionFactorInPlane": 2,
	"PixelBandwidth": 710,
	"DwellTime": 2.2e-06,
	"PhaseEncodingDirection": "i",
	"SliceTiming": [
	],
	"ImageOrientationPatientDICOM": [
		0.118404,
		0.992966,
		-4.35961e-10,
		0.0294575,
		-0.0035126,
		-0.99956	],
	"InPlanePhaseEncodingDirectionDICOM": "ROW",
	"ConversionSoftware": "dcm2niix",
	"ConversionSoftwareVersion": "v1.0.20181125  GCC5.3.1"
}
